GIT
  remote: git://github.com/bookworm/garry.git
  revision: 9ba02be4bb831c81f419c46766c55f5d3a511d9e
  specs:
    garry (0.0.1)
      padrino (>= 0.10.2)

GIT
  remote: git://github.com/bookworm/mongomapper_ext.git
  revision: 54930cadec5b7ee132e6debda3408fb14b9267b8
  specs:
    mongomapper_ext (0.5.0)
      mongo_mapper (~> 0.8)
      uuidtools (>= 2.0.0)

GIT
  remote: git://github.com/bookworm/padrino-assethelpers.git
  revision: 65c4f4bc3d6e6c57bef57dc47d24987611d3478d
  specs:
    padrino-assethelpers (0.1.0)
      padrino-core
      padrino-helpers

GIT
  remote: git://github.com/bookworm/padrino-csrf.git
  revision: fc05a9a29da40bb89b75b658cb13299bf2e2b363
  specs:
    padrino-csrf (0.1.1)
      padrino-core
      padrino-helpers

GIT
  remote: git://github.com/bookworm/padrino-framework.git
  revision: 13b3c50d72fdfd3e3c7f576ee9f8e0ee213f51ed
  specs:
    padrino (0.10.6)
      padrino-admin (= 0.10.6)
      padrino-cache (= 0.10.6)
      padrino-core (= 0.10.6)
      padrino-gen (= 0.10.6)
      padrino-helpers (= 0.10.6)
      padrino-mailer (= 0.10.6)
    padrino-admin (0.10.6)
      padrino-core (= 0.10.6)
      padrino-helpers (= 0.10.6)
    padrino-cache (0.10.6)
      padrino-core (= 0.10.6)
    padrino-core (0.10.6)
      activesupport (~> 3.2.0)
      http_router (~> 0.10.2)
      sinatra (~> 1.3.1)
      thor (~> 0.14.3)
      tilt (~> 1.3.0)
    padrino-gen (0.10.6)
      bundler (~> 1.0)
      padrino-core (= 0.10.6)
    padrino-helpers (0.10.6)
      i18n (~> 0.6)
      padrino-core (= 0.10.6)
    padrino-mailer (0.10.6)
      mail (~> 2.3.0)
      padrino-core (= 0.10.6)

GIT
  remote: git://github.com/bookworm/padrino-responders.git
  revision: 94dd86be681f7b3320c183f4e2856035f30da349
  specs:
    padrino-responders (0.1.5)
      padrino (>= 0.10.2)
      sinatra-flash (>= 0.3.0)

GIT
  remote: git://github.com/bookworm/padrino-sprockets.git
  revision: 751cd130724c94466f0ff50c79da7427cb53264e
  specs:
    padrino-sprockets (0.0.1)
      sprockets

GIT
  remote: git://github.com/bookworm/roauth.git
  revision: ee6e280104eb7cebecd452366a46a7cf53bab7e6
  specs:
    roauth (0.0.7)

GEM
  remote: http://rubygems.org/
  specs:
    activemodel (3.2.3)
      activesupport (= 3.2.3)
      builder (~> 3.0.0)
    activesupport (3.2.3)
      i18n (~> 0.6)
      multi_json (~> 1.0)
    airbrake (3.0.9)
      activesupport
      builder
    bcrypt-ruby (3.0.1)
    bootstrap-sass (2.0.2)
    bson (1.6.2)
    bson_ext (1.6.2)
      bson (~> 1.6.2)
    builder (3.0.0)
    carrierwave (0.6.2)
      activemodel (>= 3.2.0)
      activesupport (>= 3.2.0)
    chunky_png (1.2.5)
    coffee-script (2.2.0)
      coffee-script-source
      execjs
    coffee-script-source (1.3.1)
    compass (0.12.1)
      chunky_png (~> 1.2)
      fssm (>= 0.2.7)
      sass (~> 3.1)
    daemons (1.1.8)
    eventmachine (0.12.10)
    execjs (1.3.2)
      multi_json (~> 1.0)
    ffaker (1.14.0)
    ffi (1.0.11)
    fssm (0.2.9)
    hike (1.2.1)
    hoe (3.0.5)
      rake (~> 0.8)
    http_router (0.10.2)
      rack (>= 1.0.0)
      url_mount (~> 0.2.1)
    i18n (0.6.0)
    magic (0.2.6)
      ffi (>= 0.6.3)
    mail (2.3.3)
      i18n (>= 0.4.0)
      mime-types (~> 1.16)
      treetop (~> 1.4.8)
    mime-types (1.18)
    mini_shoulda (0.4.0)
      minitest (> 2.1.0)
    minitest (2.6.2)
    mongo (1.6.2)
      bson (~> 1.6.2)
    mongo_mapper (0.11.1)
      activemodel (~> 3.0)
      activesupport (~> 3.0)
      plucky (~> 0.4.0)
    multi_json (1.3.5)
    paginator (1.1.1)
      hoe (>= 1.6.0)
    plucky (0.4.4)
      mongo (~> 1.5)
    polyglot (0.3.3)
    rack (1.4.1)
    rack-protection (1.2.0)
      rack
    rack-test (0.6.1)
      rack (>= 1.0)
    rake (0.9.2.2)
    redcarpet (2.1.1)
    rest-client (1.6.7)
      mime-types (>= 1.16)
    rmagick (2.13.1)
    sass (3.1.18)
    sinatra (1.3.2)
      rack (~> 1.3, >= 1.3.6)
      rack-protection (~> 1.2)
      tilt (~> 1.3, >= 1.3.3)
    sinatra-flash (0.3.0)
      sinatra (>= 1.0.0)
    slim (1.2.0)
      temple (~> 0.4.0)
      tilt (~> 1.3.3)
    sprockets (2.4.2)
      hike (~> 1.2)
      multi_json (~> 1.0)
      rack (~> 1.0)
      tilt (~> 1.1, != 1.3.0)
    stripe (1.6.3)
      rest-client (~> 1.4)
    temple (0.4.0)
    thin (1.3.1)
      daemons (>= 1.0.9)
      eventmachine (>= 0.12.6)
      rack (>= 1.0.0)
    thor (0.14.6)
    tilt (1.3.3)
    treetop (1.4.10)
      polyglot
      polyglot (>= 0.3.1)
    tzinfo (0.3.33)
    uglifier (1.2.4)
      execjs (>= 0.3.0)
      multi_json (>= 1.0.2)
    url_mount (0.2.1)
      rack
    uuidtools (2.1.2)
    yajl-ruby (1.1.0)

PLATFORMS
  ruby

DEPENDENCIES
  airbrake
  bcrypt-ruby
  bootstrap-sass (~> 2.0.2)
  bson_ext
  carrierwave
  coffee-script
  compass
  ffaker
  garry!
  magic
  mini_shoulda
  minitest (~> 2.6.0)
  mongo_mapper
  mongomapper_ext!
  padrino!
  padrino-assethelpers!
  padrino-csrf!
  padrino-responders!
  padrino-sprockets!
  paginator
  rack-test
  rake
  redcarpet
  rmagick
  roauth!
  sinatra-flash
  slim
  sprockets
  stripe
  thin
  tzinfo
  uglifier
  yajl-ruby
